ObjectType = Image
NDims = 3
BinaryData = True
BinaryDataByteOrderMSB = False
CompressedData = False
TransformMatrix = 1 0 0 0 1 0 0 0 1
Offset = -235.008 -235.008 -132
CenterOfRotation = 0 0 0
AnatomicalOrientation = RAI
ElementSpacing = 2 2 2
DimSize = 235 235 142
ElementType = MET_INT
ElementDataFile = ct-2mm.raw
