ObjectType = Image
NDims = 3
BinaryData = True
BinaryDataByteOrderMSB = False
CompressedData = False
TransformMatrix = 1 0 0 0 1 0 0 0 1
Offset = 0 0 0
CenterOfRotation = 0 0 0
AnatomicalOrientation = RAI
ElementSpacing = 8.8 8.8 11.2
DimSize = 32 32 16
ElementType = MET_USHORT
ElementDataFile = brain_phantom.raw
