ObjectType = Image
NDims = 3
BinaryData = True
BinaryDataByteOrderMSB = False
CompressedData = False
TransformMatrix = 1 2.77556e-17 5.20417e-18 2.16493e-15 1 9.29812e-16 -2.8387e-14 -1.68116e-13 1
Offset = -264.475 -1563.3 -120.7
CenterOfRotation = 0 0 0
AnatomicalOrientation = RAI
ElementSpacing = 1.775 4.84 1.775
DimSize = 299 348 137
ElementType = MET_UCHAR
ElementDataFile = ICRP_AF.raw
