ObjectType = Image
NDims = 4
BinaryData = True
BinaryDataByteOrderMSB = False
CompressedData = False
TransformMatrix = 1 0 0 0 0 1 0 0 0 0 1 0 0 0 0 1
Offset = -35.995 -136.995 -37 6.95279e-310
CenterOfRotation = 0 0 0 0
ElementSpacing = 2 2 2 1
HistoMinInMeV = 0
HistoMaxInMeV = 10
TotalSum = 0.0961468
DimSize = 35 85 35 250
AnatomicalOrientation = ????
ElementType = MET_FLOAT
ElementDataFile = source.raw
