ObjectType = Image
NDims = 3
BinaryData = True
BinaryDataByteOrderMSB = False
CompressedData = False
TransformMatrix = 1 0 0 0 1 0 0 0 1
Offset = 0 0 0
CenterOfRotation = 0 0 0
AnatomicalOrientation = RAI
ElementSpacing = 0.4 0.4 0.37
DimSize = 64 64 125
ElementType = MET_USHORT
ElementDataFile = PET_64_64_125_16uint.raw

