ObjectType = Image
NDims = 3
BinaryData = True
BinaryDataByteOrderMSB = False
CompressedData = False
TransformMatrix = 1 0 0 0 1 0 0 0 1
Offset = -3.492 -1.188 0
CenterOfRotation = 0 0 0
AnatomicalOrientation = RAI
ElementSpacing = 0.018 0.018 1
DimSize = 275 184 1
ElementType = MET_FLOAT
ElementDataFile = userFluenceImage.raw
