ObjectType = Image
NDims = 3
BinaryData = True
BinaryDataByteOrderMSB = False
CompressedData = False
TransformMatrix = 1 0 0 0 1 0 0 0 1
Offset = -299 -178 -299
CenterOfRotation = 0 0 0
AnatomicalOrientation = RAI
ElementSpacing = 2 2 2
ITK_InputFilterName = MetaImageIO
DimSize = 300 179 300
ElementType = MET_SHORT
ElementDataFile = patient.raw
