ObjectType = Image
NDims = 3
BinaryData = True
BinaryDataByteOrderMSB = False
CompressedData = False
TransformMatrix = 1 0 0 0 1 0 0 0 1
Offset = -300 -245 -865.5
CenterOfRotation = 0 0 0
AnatomicalOrientation = RAI
ElementSpacing = 2 2 2
DimSize = 300 300 179
ElementType = MET_SHORT
ElementDataFile = patient-lung-2mm.raw
